GIT
  remote: git://github.com/resque/resque.git
  revision: 12a3f683f87546598464c18f11f91df6ef12732c
  specs:
    resque (2.0.0)
      mono_logger (~> 1.0)
      multi_json (~> 1.0)
      redis-namespace (~> 1.3)
      sinatra (>= 0.9.2)
      vegas (~> 0.1.2)

GEM
  remote: https://rubygems.org/
  specs:
    mono_logger (1.1.0)
    multi_json (1.12.2)
    mustermann (1.0.1)
    rack (2.0.3)
    rack-protection (2.0.0)
      rack
    redis (4.0.1)
    redis-namespace (1.6.0)
      redis (>= 3.0.4)
    sinatra (2.0.0)
      mustermann (~> 1.0)
      rack (~> 2.0)
      rack-protection (= 2.0.0)
      tilt (~> 2.0)
    tilt (2.0.8)
    vegas (0.1.11)
      rack (>= 1.0.0)

PLATFORMS
  ruby

DEPENDENCIES
  resque!
