GIT
  remote: git://github.com/resque/resque.git
  revision: 592da7d0f2d269d1fa5985055f70b3defe2a9179
  specs:
    resque (2.0.0.pre.1)
      json
      mono_logger (~> 1.0)
      redis-namespace (>= 1.3.0)
      thor (~> 0.17)

GEM
  remote: https://rubygems.org/
  specs:
    json (1.8.1)
    mono_logger (1.1.0)
    redis (3.1.0)
    redis-namespace (1.5.0)
      redis (~> 3.0, >= 3.0.4)
    thor (0.19.1)

PLATFORMS
  ruby

DEPENDENCIES
  resque!
